GEM
  remote: https://rubygems.org/
  specs:
    activesupport (4.1.0)
      i18n (~> 0.6, >= 0.6.9)
      json (~> 1.7, >= 1.7.7)
      minitest (~> 5.1)
      thread_safe (~> 0.1)
      tzinfo (~> 1.1)
    akami (1.2.2)
      gyoku (>= 0.4.0)
      nokogiri
    builder (3.2.2)
    coderay (1.1.0)
    databasedotcom (1.3.2)
      activesupport
      json
      multipart-post (~> 1.1)
    gyoku (0.4.6)
      builder (>= 2.1.2)
    hashie (1.2.0)
    httpi (1.1.1)
      rack
    i18n (0.6.9)
    json (1.8.1)
    listen (0.6.0)
    metaforce (1.0.7)
      activesupport
      hashie (~> 1.2.0)
      listen (~> 0.6.0)
      rb-fsevent (~> 0.9.1)
      rubyzip (~> 0.9.9)
      savon (~> 1.2.0)
      thor (~> 0.16.0)
    method_source (0.8.2)
    mini_portile (0.5.3)
    minitest (5.3.2)
    multipart-post (1.2.0)
    nokogiri (1.6.1)
      mini_portile (~> 0.5.0)
    nori (1.1.5)
    pry (0.9.12.6)
      coderay (~> 1.0)
      method_source (~> 0.8)
      slop (~> 3.4)
    rack (1.5.2)
    rb-fsevent (0.9.4)
    rubyzip (0.9.9)
    savon (1.2.0)
      akami (~> 1.2.0)
      builder (>= 2.1.2)
      gyoku (~> 0.4.5)
      httpi (~> 1.1.0)
      nokogiri (>= 1.4.0)
      nori (~> 1.1.0)
      wasabi (~> 2.5.0)
    slop (3.5.0)
    thor (0.16.0)
    thread_safe (0.3.3)
    tzinfo (1.1.0)
      thread_safe (~> 0.1)
    wasabi (2.5.1)
      httpi (~> 1.0)
      nokogiri (>= 1.4.0)

PLATFORMS
  ruby

DEPENDENCIES
  databasedotcom
  metaforce
  pry
